GEM
  remote: https://rubygems.org/
  specs:
<<<<<<< HEAD
<<<<<<< HEAD
    activesupport (5.2.2)
=======
    activesupport (5.2.3)
>>>>>>> update
      concurrent-ruby (~> 1.0, >= 1.0.2)
      i18n (>= 0.7, < 2)
      minitest (~> 5.1)
      tzinfo (~> 1.1)
<<<<<<< HEAD
    addressable (2.5.2)
      public_suffix (>= 2.0.2, < 4.0)
    autoprefixer-rails (9.4.7)
      execjs
    colorator (1.1.0)
    colorize (0.8.1)
    concurrent-ruby (1.1.4)
=======
    addressable (2.7.0)
=======
    addressable (2.8.0)
>>>>>>> newTheme
      public_suffix (>= 2.0.2, < 5.0)
    algolia_html_extractor (2.6.4)
      json (~> 2.0)
      nokogiri (~> 1.10)
    algoliasearch (1.27.5)
      httpclient (~> 2.8, >= 2.8.3)
      json (>= 1.5.1)
    colorator (1.1.0)
<<<<<<< HEAD
    concurrent-ruby (1.1.5)
>>>>>>> update
    em-websocket (0.5.1)
=======
    concurrent-ruby (1.1.10)
    em-websocket (0.5.3)
>>>>>>> newTheme
      eventmachine (>= 0.12.9)
      http_parser.rb (~> 0)
    ethon (0.15.0)
      ffi (>= 1.15.0)
    eventmachine (1.2.7)
<<<<<<< HEAD
    execjs (2.7.0)
<<<<<<< HEAD
    exifr (1.3.5)
=======
    exifr (1.3.6)
>>>>>>> update
    extras (0.3.0)
      forwardable-extended (~> 2.5)
    faraday (0.15.4)
      multipart-post (>= 1.2, < 3)
<<<<<<< HEAD
    fastimage (2.1.5)
    ffi (1.10.0)
    forwardable-extended (2.6.0)
    fspath (3.1.0)
    gemoji (3.0.0)
    html-pipeline (2.10.0)
      activesupport (>= 2)
      nokogiri (>= 1.4)
    html-proofer (3.10.2)
      activesupport (>= 4.2, < 6.0)
      addressable (~> 2.3)
      colorize (~> 0.8)
      mercenary (~> 0.3.2)
      nokogiri (~> 1.9)
=======
    fastimage (2.1.7)
    ffi (1.11.1)
=======
    faraday (2.5.2)
      faraday-net_http (>= 2.0, < 3.1)
      ruby2_keywords (>= 0.0.4)
    faraday-net_http (3.0.0)
    ffi (1.15.5)
    filesize (0.2.0)
>>>>>>> newTheme
    forwardable-extended (2.6.0)
    html-proofer (4.4.0)
      addressable (~> 2.3)
      mercenary (~> 0.3)
<<<<<<< HEAD
      nokogiri (~> 1.10)
>>>>>>> update
      parallel (~> 1.3)
=======
      nokogiri (~> 1.13)
      parallel (~> 1.10)
>>>>>>> newTheme
      rainbow (~> 3.0)
      typhoeus (~> 1.3)
      yell (~> 2.0)
      zeitwerk (~> 2.5)
    http_parser.rb (0.8.0)
    httpclient (2.8.3)
    i18n (1.12.0)
      concurrent-ruby (~> 1.0)
<<<<<<< HEAD
<<<<<<< HEAD
    image_optim (0.26.3)
=======
    image_optim (0.26.5)
>>>>>>> update
      exifr (~> 1.2, >= 1.2.2)
      fspath (~> 3.0)
      image_size (>= 1.5, < 3)
      in_threads (~> 1.3)
      progress (~> 3.0, >= 3.0.1)
<<<<<<< HEAD
    image_size (2.0.0)
    in_threads (1.5.1)
    jekyll (3.8.5)
=======
    image_size (2.0.2)
    in_threads (1.5.3)
    jekyll (3.8.6)
>>>>>>> update
=======
    jekyll (4.1.1)
>>>>>>> newTheme
      addressable (~> 2.4)
      colorator (~> 1.0)
      em-websocket (~> 0.5)
      i18n (~> 1.0)
      jekyll-sass-converter (~> 2.0)
      jekyll-watch (~> 2.0)
      kramdown (~> 2.1)
      kramdown-parser-gfm (~> 1.0)
      liquid (~> 4.0)
      mercenary (~> 0.4.0)
      pathutil (~> 0.9)
      rouge (~> 3.0)
      safe_yaml (~> 1.0)
<<<<<<< HEAD
    jekyll-assets (3.0.12)
      activesupport (~> 5.0)
      execjs (~> 2.7)
      extras (~> 0.2)
      fastimage (~> 2.0, >= 1.8)
      jekyll (>= 3.5, < 4.0)
      jekyll-sanity (~> 1.2)
      liquid-tag-parser (~> 1.0)
      nokogiri (~> 1.8)
      pathutil (~> 0.16)
      sprockets (>= 3.3, < 4.1.beta)
<<<<<<< HEAD
    jekyll-feed (0.11.0)
      jekyll (~> 3.3)
=======
    jekyll-feed (0.12.1)
=======
      terminal-table (~> 1.8)
    jekyll-algolia (1.7.1)
      algolia_html_extractor (~> 2.6)
      algoliasearch (~> 1.26)
      filesize (~> 0.1)
      jekyll (>= 3.6, < 5.0)
      json (~> 2.0)
      nokogiri (~> 1.6)
      progressbar (~> 1.9)
      verbal_expressions (~> 0.1.5)
    jekyll-archives (2.2.1)
      jekyll (>= 3.6, < 5.0)
    jekyll-feed (0.16.0)
>>>>>>> newTheme
      jekyll (>= 3.7, < 5.0)
>>>>>>> update
    jekyll-gist (1.5.0)
      octokit (~> 4.2)
    jekyll-include-cache (0.2.1)
      jekyll (>= 3.7, < 5.0)
    jekyll-paginate (1.1.0)
<<<<<<< HEAD
    jekyll-sanity (1.2.0)
      jekyll (~> 3.1)
    jekyll-sass-converter (1.5.2)
      sass (~> 3.4)
<<<<<<< HEAD
    jekyll-sitemap (1.2.0)
      jekyll (~> 3.3)
    jekyll-watch (2.1.2)
      listen (~> 3.0)
    jemoji (0.10.1)
      gemoji (~> 3.0)
      html-pipeline (~> 2.2)
      jekyll (~> 3.0)
    kramdown (1.17.0)
    liquid (4.0.1)
=======
    jekyll-sitemap (1.3.1)
=======
    jekyll-sass-converter (2.2.0)
      sassc (> 2.0.1, < 3.0)
    jekyll-seo-tag (2.8.0)
      jekyll (>= 3.8, < 5.0)
    jekyll-sitemap (1.4.0)
>>>>>>> newTheme
      jekyll (>= 3.7, < 5.0)
    jekyll-watch (2.2.1)
      listen (~> 3.0)
    json (2.6.2)
    kramdown (2.4.0)
      rexml
    kramdown-parser-gfm (1.1.0)
      kramdown (~> 2.0)
    liquid (4.0.3)
<<<<<<< HEAD
>>>>>>> update
    liquid-tag-parser (1.9.0)
      extras (~> 0.3)
      liquid (>= 3.0, < 5.0)
    listen (3.1.5)
      rb-fsevent (~> 0.9, >= 0.9.4)
      rb-inotify (~> 0.9, >= 0.9.7)
      ruby_dep (~> 1.2)
    mercenary (0.3.6)
<<<<<<< HEAD
    mini_magick (4.9.2)
    mini_portile2 (2.4.0)
    minitest (5.11.3)
    multipart-post (2.0.0)
    nokogiri (1.10.1)
      mini_portile2 (~> 2.4.0)
    octokit (4.13.0)
      sawyer (~> 0.8.0, >= 0.5.3)
    parallel (1.13.0)
    pathutil (0.16.2)
      forwardable-extended (~> 2.6)
    progress (3.5.0)
    public_suffix (3.0.3)
    rack (2.0.6)
    rb-fsevent (0.10.3)
    rb-inotify (0.10.0)
      ffi (~> 1.0)
    rouge (3.3.0)
    ruby_dep (1.5.0)
    safe_yaml (1.0.4)
    sass (3.7.3)
=======
    mini_magick (4.9.5)
    mini_portile2 (2.4.0)
    minitest (5.11.3)
    multipart-post (2.1.1)
    nokogiri (1.10.4)
      mini_portile2 (~> 2.4.0)
    octokit (4.14.0)
      sawyer (~> 0.8.0, >= 0.5.3)
    parallel (1.17.0)
=======
    listen (3.7.1)
      rb-fsevent (~> 0.10, >= 0.10.3)
      rb-inotify (~> 0.9, >= 0.9.10)
    mercenary (0.4.0)
    mini_portile2 (2.8.0)
    minimal-mistakes-jekyll (4.24.0)
      jekyll (>= 3.7, < 5.0)
      jekyll-feed (~> 0.1)
      jekyll-gist (~> 1.5)
      jekyll-include-cache (~> 0.1)
      jekyll-paginate (~> 1.1)
      jekyll-sitemap (~> 1.3)
    nokogiri (1.13.8)
      mini_portile2 (~> 2.8.0)
      racc (~> 1.4)
    octokit (4.25.1)
      faraday (>= 1, < 3)
      sawyer (~> 0.9)
    parallel (1.22.1)
>>>>>>> newTheme
    pathutil (0.16.2)
      forwardable-extended (~> 2.6)
    progressbar (1.11.0)
    public_suffix (4.0.7)
    racc (1.6.0)
    rainbow (3.1.1)
    rake (13.0.6)
    rb-fsevent (0.11.1)
    rb-inotify (0.10.1)
      ffi (~> 1.0)
    rexml (3.2.5)
    rouge (3.30.0)
    ruby2_keywords (0.0.5)
    safe_yaml (1.0.5)
    sass (3.7.4)
>>>>>>> update
      sass-listen (~> 4.0.0)
    sass-listen (4.0.0)
      rb-fsevent (~> 0.9, >= 0.9.4)
      rb-inotify (~> 0.9, >= 0.9.7)
    sassc (2.4.0)
      ffi (~> 1.9)
    sawyer (0.9.2)
      addressable (>= 2.3.5)
      faraday (>= 0.17.3, < 3)
    terminal-table (1.8.0)
      unicode-display_width (~> 1.1, >= 1.1.1)
    typhoeus (1.4.0)
      ethon (>= 0.9.0)
    unicode-display_width (1.8.0)
    verbal_expressions (0.1.5)
    webrick (1.7.0)
    yell (2.2.2)
    zeitwerk (2.6.0)

PLATFORMS
  ruby

DEPENDENCIES
  html-proofer
  jekyll (~> 4.1.1)
  jekyll-algolia
  jekyll-archives
  jekyll-feed
  jekyll-gist (~> 1.5)
  jekyll-include-cache
  jekyll-paginate
  jekyll-seo-tag
  jekyll-sitemap
  minimal-mistakes-jekyll
  rake
  sass
  webrick (~> 1.7)

BUNDLED WITH
   2.2.3
